GEM
  remote: http://rubygems.org/
  specs:
    abstract (1.0.0)
    daemons (1.1.9)
    dalli (1.0.3)
    erubis (2.6.6)
      abstract (>= 1.0.0)
    eventmachine (1.0.0)
    foreman (0.60.2)
      thor (>= 0.13.6)
    rack (1.2.2)
    sinatra (1.2.1)
      rack (~> 1.1)
      tilt (>= 1.2.2, < 2.0)
    thin (1.5.0)
      daemons (>= 1.0.9)
      eventmachine (>= 0.12.6)
      rack (>= 1.0.0)
    thor (0.16.0)
    tilt (1.2.2)

PLATFORMS
  ruby

DEPENDENCIES
  dalli
  erubis (= 2.6.6)
  foreman
  sinatra (= 1.2.1)
  thin
